GEM
  remote: https://rubygems.org/
  specs:
    geocoder (1.2.2)
    hpricot (0.8.6)

PLATFORMS
  ruby

DEPENDENCIES
  geocoder
  hpricot

BUNDLED WITH
   1.10.3
