GEM
  remote: http://rubygems.org/
  specs:
    geocoder (1.1.8)
    hpricot (0.8.6)

PLATFORMS
  ruby

DEPENDENCIES
  geocoder
  hpricot
